GIT
  remote: git://github.com/thomasrogers03/cassandra_mocks.git
  revision: 5486e4156cf3f7da203b943834857659d2325ec3
  specs:
    cassandra_mocks (0.0.12)
      activesupport (~> 4.0)
      cassandra-driver (~> 1.1)

GIT
  remote: git://github.com/thomasrogers03/cassandra_model.git
  revision: 94dad9e611d3d9c9bc7318f8dae15dd2321578c1
  specs:
    cassandra_model (0.9.19)
      activesupport (~> 4.0)
      batch_reactor (~> 0.0.1)
      cassandra-driver (~> 1.1)
      thomas_utils (~> 0.1.13)

PATH
  remote: .
  specs:
    cmodel_matchers (0.0.1)
      activesupport (~> 4.0)
      cassandra_model (~> 0.9.19)
      rspec (~> 3.1.0)
      rspec-its (~> 1.2.0)

GEM
  remote: https://rubygems.org/
  specs:
    activesupport (4.2.5)
      i18n (~> 0.7)
      json (~> 1.7, >= 1.7.7)
      minitest (~> 5.1)
      thread_safe (~> 0.3, >= 0.3.4)
      tzinfo (~> 1.1)
    batch_reactor (0.0.2)
      ione (~> 1.2)
    cassandra-driver (1.2.0)
      ione (~> 1.2)
    coderay (1.1.0)
    concurrent-ruby (0.9.2)
    diff-lcs (1.2.5)
    ffi (1.9.10)
    formatador (0.2.5)
    guard (2.13.0)
      formatador (>= 0.2.4)
      listen (>= 2.7, <= 4.0)
      lumberjack (~> 1.0)
      nenv (~> 0.1)
      notiffany (~> 0.0)
      pry (>= 0.9.12)
      shellany (~> 0.0)
      thor (>= 0.18.1)
    guard-bundler (2.1.0)
      bundler (~> 1.0)
      guard (~> 2.2)
      guard-compat (~> 1.1)
    guard-compat (1.2.1)
    guard-rspec (4.6.4)
      guard (~> 2.1)
      guard-compat (~> 1.1)
      rspec (>= 2.99.0, < 4.0)
    i18n (0.7.0)
    ione (1.2.3)
    json (1.8.3)
    listen (3.0.3)
      rb-fsevent (>= 0.9.3)
      rb-inotify (>= 0.9)
    lumberjack (1.0.9)
    method_source (0.8.2)
    minitest (5.8.3)
    nenv (0.2.0)
    notiffany (0.0.8)
      nenv (~> 0.1)
      shellany (~> 0.0)
    pry (0.10.1)
      coderay (~> 1.1.0)
      method_source (~> 0.8.1)
      slop (~> 3.4)
    rb-fsevent (0.9.6)
    rb-inotify (0.9.5)
      ffi (>= 0.5.0)
    rdoc (4.2.0)
    rspec (3.1.0)
      rspec-core (~> 3.1.0)
      rspec-expectations (~> 3.1.0)
      rspec-mocks (~> 3.1.0)
    rspec-core (3.1.7)
      rspec-support (~> 3.1.0)
    rspec-expectations (3.1.2)
      diff-lcs (>= 1.2.0, < 2.0)
      rspec-support (~> 3.1.0)
    rspec-its (1.2.0)
      rspec-core (>= 3.0.0)
      rspec-expectations (>= 3.0.0)
    rspec-mocks (3.1.3)
      rspec-support (~> 3.1.0)
    rspec-support (3.1.2)
    shellany (0.0.1)
    slop (3.6.0)
    thomas_utils (0.1.16)
      concurrent-ruby (~> 0.8)
      workers (~> 0.3)
    thor (0.19.1)
    thread_safe (0.3.5)
    timecop (0.8.0)
    tzinfo (1.2.2)
      thread_safe (~> 0.1)
    workers (0.6.0)

PLATFORMS
  ruby

DEPENDENCIES
  cassandra_mocks!
  cassandra_model!
  cmodel_matchers!
  guard
  guard-bundler
  guard-rspec
  pry
  rdoc
  rspec (~> 3.1.0)
  rspec-its
  timecop

BUNDLED WITH
   1.10.6
